GEM
  remote: https://rubygems.org/
  specs:
    ast (2.4.2)
    backport (1.2.0)
    git (1.9.1)
      rchardet (~> 1.8)
    jaro_winkler (1.5.4)
    maruku (0.7.3)
    minitest (5.14.4)
    naturally (2.2.1)
    nokogiri (1.12.4-x64-mingw32)
      racc (~> 1.4)
    nokogiri (1.12.4-x86-mingw32)
      racc (~> 1.4)
    parallel (1.21.0)
    parser (2.7.2.0)
      ast (~> 2.4.1)
    racc (1.5.2)
    rainbow (3.0.0)
    rchardet (1.8.0)
    reverse_markdown (1.4.0)
      nokogiri
    rubocop (0.75.0)
      jaro_winkler (~> 1.5.1)
      parallel (~> 1.10)
      parser (>= 2.6)
      rainbow (>= 2.2.2, < 4.0)
      ruby-progressbar (~> 1.7)
      unicode-display_width (>= 1.4.0, < 1.7)
    rubocop-sketchup (0.11.0)
      rubocop (>= 0.75, <= 0.75)
    ruby-progressbar (1.11.0)
    sketchup-api-stubs (0.7.7)
    skippy (0.4.3.a)
      git (~> 1.3)
      naturally (~> 2.1)
      thor (~> 0.19)
    solargraph (0.38.0)
      backport (~> 1.1)
      bundler (>= 1.17.2)
      jaro_winkler (~> 1.5)
      maruku (~> 0.7, >= 0.7.3)
      nokogiri (~> 1.9, >= 1.9.1)
      parser (~> 2.3)
      reverse_markdown (~> 1.0, >= 1.0.5)
      rubocop (~> 0.52)
      thor (~> 0.19, >= 0.19.4)
      tilt (~> 2.0)
      yard (~> 0.9)
    thor (0.20.3)
    tilt (2.0.10)
    unicode-display_width (1.6.1)
    yard (0.9.26)

PLATFORMS
  x64-mingw32
  x86-mingw32

DEPENDENCIES
  minitest
  nokogiri (~> 1.10)
  rubocop (>= 0.75, <= 0.75)
  rubocop-sketchup (~> 0.11.0)
  sketchup-api-stubs
  skippy (~> 0.4.1.a)
  solargraph

BUNDLED WITH
   2.1.4
