GEM
  remote: https://rubygems.org/
  specs:
    ast (2.4.0)
    backport (1.0.0)
    git (1.5.0)
    htmlentities (4.3.4)
    jaro_winkler (1.5.2)
    kramdown (1.17.0)
    mini_portile2 (2.4.0)
    minitest (5.11.3)
    naturally (2.2.0)
    nokogiri (1.10.4)
      mini_portile2 (~> 2.4.0)
    nokogiri (1.10.4-x64-mingw32)
      mini_portile2 (~> 2.4.0)
    parallel (1.17.0)
    parser (2.6.3.0)
      ast (~> 2.4.0)
    powerpack (0.1.2)
    rainbow (3.0.0)
    reverse_markdown (1.1.0)
      nokogiri
    rubocop (0.63.1)
      jaro_winkler (~> 1.5.1)
      parallel (~> 1.10)
      parser (>= 2.5, != 2.5.1.1)
      powerpack (~> 0.1)
      rainbow (>= 2.2.2, < 4.0)
      ruby-progressbar (~> 1.7)
      unicode-display_width (~> 1.4.0)
    rubocop-sketchup (0.8.1)
      rubocop (~> 0.63.0)
    ruby-progressbar (1.10.0)
    sketchup-api-stubs (0.5.0)
    skippy (0.4.1.a)
      git (~> 1.3)
      naturally (~> 2.1)
      thor (~> 0.19)
    solargraph (0.32.3)
      backport (~> 1.0)
      bundler (>= 1.17.2)
      htmlentities (~> 4.3, >= 4.3.4)
      jaro_winkler (~> 1.5)
      kramdown (~> 1.16)
      parser (~> 2.3)
      reverse_markdown (~> 1.0, >= 1.0.5)
      rubocop (~> 0.52)
      thor (~> 0.19, >= 0.19.4)
      tilt (~> 2.0)
      yard (~> 0.9)
    thor (0.20.3)
    tilt (2.0.9)
    unicode-display_width (1.4.1)
    yard (0.9.19)

PLATFORMS
  ruby
  x64-mingw32

DEPENDENCIES
  minitest
  nokogiri (>= 1.8, < 1.11)
  rubocop (~> 0.63.1)
  rubocop-sketchup (~> 0.8.0)
  sketchup-api-stubs
  skippy (~> 0.4.1.a)
  solargraph

BUNDLED WITH
   1.17.3
