GEM
  remote: https://rubygems.org/
  specs:
    addressable (2.8.6)
      public_suffix (>= 2.0.2, < 6.0)
    ansi (1.5.0)
    ast (2.4.2)
    backport (1.2.0)
    benchmark (0.3.0)
    builder (3.2.4)
    commonmarker (0.23.10)
    debase (0.2.4.1)
      debase-ruby_core_source (>= 0.10.2)
    debase-ruby_core_source (3.3.1)
    diff-lcs (1.5.1)
    e2mmap (0.1.0)
    git (1.19.1)
      addressable (~> 2.8)
      rchardet (~> 1.8)
    jaro_winkler (1.5.6)
    json (2.7.1)
    kramdown (2.4.0)
      rexml
    kramdown-parser-gfm (1.1.0)
      kramdown (~> 2.0)
    language_server-protocol (3.17.0.3)
    minitest (5.15.0)
    minitest-reporters (1.6.1)
      ansi
      builder
      minitest (>= 5.0)
      ruby-progressbar
    naturally (2.2.1)
    nokogiri (1.15.5-x64-mingw32)
      racc (~> 1.4)
    nokogiri (1.15.5-x86-mingw32)
      racc (~> 1.4)
    parallel (1.24.0)
    parser (3.3.0.5)
      ast (~> 2.4.1)
      racc
    public_suffix (5.0.4)
    racc (1.7.3)
    rainbow (3.1.1)
    rake (13.1.0)
    rbs (2.8.4)
    rbtree (0.4.6)
    rchardet (1.8.0)
    regexp_parser (2.9.0)
    reverse_markdown (2.1.1)
      nokogiri
    rexml (3.2.6)
    rubocop (1.60.2)
      json (~> 2.3)
      language_server-protocol (>= 3.17.0)
      parallel (~> 1.10)
      parser (>= 3.3.0.2)
      rainbow (>= 2.2.2, < 4.0)
      regexp_parser (>= 1.8, < 3.0)
      rexml (>= 3.2.5, < 4.0)
      rubocop-ast (>= 1.30.0, < 2.0)
      ruby-progressbar (~> 1.7)
      unicode-display_width (>= 2.4.0, < 3.0)
    rubocop-ast (1.30.0)
      parser (>= 3.2.1.0)
    rubocop-minitest (0.34.5)
      rubocop (>= 1.39, < 2.0)
      rubocop-ast (>= 1.30.0, < 2.0)
    rubocop-rake (0.6.0)
      rubocop (~> 1.0)
    rubocop-sketchup (1.3.0)
      rubocop (>= 0.82, < 2.0)
    ruby-debug-ide (0.7.3)
      rake (>= 0.8.1)
    ruby-progressbar (1.13.0)
    rubyzip (1.3.0)
    set (1.0.4)
    sketchup-api-stubs (0.7.9)
    skippy (0.5.2.a)
      git (~> 1.3)
      naturally (~> 2.1)
      sorted_set (~> 1.0)
      thor (>= 0.19, < 2.0)
    solargraph (0.50.0)
      backport (~> 1.2)
      benchmark
      bundler (~> 2.0)
      diff-lcs (~> 1.4)
      e2mmap
      jaro_winkler (~> 1.5)
      kramdown (~> 2.3)
      kramdown-parser-gfm (~> 1.1)
      parser (~> 3.0)
      rbs (~> 2.0)
      reverse_markdown (~> 2.0)
      rubocop (~> 1.38)
      thor (~> 1.0)
      tilt (~> 2.0)
      yard (~> 0.9, >= 0.9.24)
    sorted_set (1.0.3)
      rbtree
      set (~> 1.0)
    thor (1.3.0)
    tilt (2.3.0)
    unicode-display_width (2.5.0)
    yard (0.9.34)

PLATFORMS
  x64-mingw32
  x86-mingw32

DEPENDENCIES
  commonmarker (~> 0.23)
  debase (~> 0.2)
  minitest (~> 5.15.0)
  minitest-reporters (~> 1.5)
  rake (~> 13.0)
  rubocop (>= 1.30, < 2.0)
  rubocop-minitest (~> 0.20)
  rubocop-rake (~> 0.6)
  rubocop-sketchup (~> 1.3.0)
  ruby-debug-ide (~> 0.7)
  rubyzip (~> 1.3)
  sketchup-api-stubs
  skippy (~> 0.5.1.a)
  solargraph
  yard (~> 0.9)

BUNDLED WITH
   2.1.4
