GEM
  remote: https://rubygems.org/
  specs:
    ast (2.4.0)
    backport (1.1.2)
    git (1.5.0)
    jaro_winkler (1.5.4)
    maruku (0.7.3)
    mini_portile2 (2.4.0)
    minitest (5.13.0)
    naturally (2.2.0)
    nokogiri (1.10.7-x64-mingw32)
      mini_portile2 (~> 2.4.0)
    nokogiri (1.10.7-x86-mingw32)
      mini_portile2 (~> 2.4.0)
    parallel (1.19.1)
    parser (2.6.5.0)
      ast (~> 2.4.0)
    powerpack (0.1.2)
    rainbow (3.0.0)
    reverse_markdown (1.3.0)
      nokogiri
    rubocop (0.63.1)
      jaro_winkler (~> 1.5.1)
      parallel (~> 1.10)
      parser (>= 2.5, != 2.5.1.1)
      powerpack (~> 0.1)
      rainbow (>= 2.2.2, < 4.0)
      ruby-progressbar (~> 1.7)
      unicode-display_width (~> 1.4.0)
    rubocop-sketchup (0.8.1)
      rubocop (~> 0.63.0)
    ruby-progressbar (1.10.1)
    sketchup-api-stubs (0.6.1)
    skippy (0.4.1.a)
      git (~> 1.3)
      naturally (~> 2.1)
      thor (~> 0.19)
    solargraph (0.38.0)
      backport (~> 1.1)
      bundler (>= 1.17.2)
      jaro_winkler (~> 1.5)
      maruku (~> 0.7, >= 0.7.3)
      nokogiri (~> 1.9, >= 1.9.1)
      parser (~> 2.3)
      reverse_markdown (~> 1.0, >= 1.0.5)
      rubocop (~> 0.52)
      thor (~> 0.19, >= 0.19.4)
      tilt (~> 2.0)
      yard (~> 0.9)
    thor (0.20.3)
    tilt (2.0.10)
    unicode-display_width (1.4.1)
    yard (0.9.20)

PLATFORMS
  x64-mingw32
  x86-mingw32

DEPENDENCIES
  minitest
  nokogiri (~> 1.10)
  rubocop (~> 0.63.1)
  rubocop-sketchup (~> 0.8.0)
  sketchup-api-stubs
  skippy (~> 0.4.1.a)
  solargraph

BUNDLED WITH
   2.0.1
